GEM
  remote: http://rubygems.org/
  specs:
    activesupport (2.3.10)
    bson (1.0.9)
    bson_ext (1.1.2)
    durran-validatable (2.0.1)
    fastercsv (1.5.3)
    mongo (1.0.9)
      bson (>= 1.0.5)
    mongoid (1.9.2)
      activesupport (< 3.0.0)
      bson (~> 1.0.1)
      durran-validatable (>= 2.0.1)
      mongo (~> 1.0.1)
      will_paginate (< 2.9)
    serialport (1.0.4)
    will_paginate (2.3.15)

PLATFORMS
  ruby

DEPENDENCIES
  bson
  bson_ext
  fastercsv
  mongoid
  serialport
