GEM
  remote: http://rubygems.org/
  specs:
    fastercsv (1.5.3)
    serialport (1.0.4)

PLATFORMS
  ruby

DEPENDENCIES
  fastercsv
  serialport
