GEM
  remote: http://rubygems.org/
  specs:
    activesupport (2.3.10)
    bson (1.0.9)
    bson_ext (1.1.2)
    daemons (1.1.0)
    durran-validatable (2.0.1)
    eventmachine (0.12.10)
    haml (3.0.23)
    mongo (1.0.9)
      bson (>= 1.0.5)
    mongoid (1.9.2)
      activesupport (< 3.0.0)
      bson (~> 1.0.1)
      durran-validatable (>= 2.0.1)
      mongo (~> 1.0.1)
      will_paginate (< 2.9)
    rack (1.2.1)
    shotgun (0.8)
      rack (>= 1.0)
    sinatra (1.1.0)
      rack (~> 1.1)
      tilt (~> 1.1)
    thin (1.2.7)
      daemons (>= 1.0.9)
      eventmachine (>= 0.12.6)
      rack (>= 1.0.0)
    tilt (1.1)
    will_paginate (2.3.15)

PLATFORMS
  ruby

DEPENDENCIES
  bson
  bson_ext
  haml
  mongoid
  shotgun
  sinatra
  thin
